GEM
  remote: https://rubygems.org/
  specs:
    json (2.1.0)
    kgio (2.11.0)
    multi_json (1.15.0)
    mustermann (3.0.0)
      ruby2_keywords (~> 0.0.1)
    rack (2.2.4)
    rack-protection (3.0.4)
      rack
    raindrops (0.18.0)
    ruby2_keywords (0.0.5)
    sinatra (3.0.4)
      mustermann (~> 3.0)
      rack (~> 2.2, >= 2.2.4)
      rack-protection (= 3.0.4)
      tilt (~> 2.0)
    sinatra-contrib (3.0.4)
      multi_json
      mustermann (~> 3.0)
      rack-protection (= 3.0.4)
      sinatra (= 3.0.4)
      tilt (~> 2.0)
    tilt (2.0.11)
    unicorn (5.3.0)
      kgio (~> 2.6)
      raindrops (~> 0.7)

PLATFORMS
  ruby

DEPENDENCIES
  json
  sinatra
  sinatra-contrib
  unicorn

BUNDLED WITH
   1.14.6
